GEM
  remote: http://rubygems.org/
  specs:
    activemodel (4.0.0)
      activesupport (= 4.0.0)
      builder (~> 3.1.0)
    activesupport (4.0.0)
      i18n (~> 0.6, >= 0.6.4)
      minitest (~> 4.2)
      multi_json (~> 1.3)
      thread_safe (~> 0.1)
      tzinfo (~> 0.3.37)
    akami (1.2.0)
      gyoku (>= 0.4.0)
      nokogiri (>= 1.4.0)
    atomic (1.1.13)
    builder (3.1.4)
    diff-lcs (1.2.4)
    guid (0.1.1)
    gyoku (1.1.0)
      builder (>= 2.1.2)
    httpi (0.9.7)
      rack
    i18n (0.6.5)
    mini_portile (0.5.1)
    minitest (4.7.5)
    multi_json (1.7.9)
    nokogiri (1.6.0)
      mini_portile (~> 0.5.0)
    nori (1.1.5)
    rack (1.5.2)
    rspec (2.14.1)
      rspec-core (~> 2.14.0)
      rspec-expectations (~> 2.14.0)
      rspec-mocks (~> 2.14.0)
    rspec-core (2.14.5)
    rspec-expectations (2.14.2)
      diff-lcs (>= 1.1.3, < 2.0)
    rspec-mocks (2.14.3)
    savon (0.9.9)
      akami (~> 1.0)
      builder (>= 2.1.2)
      gyoku (>= 0.4.0)
      httpi (~> 0.9)
      nokogiri (>= 1.4.0)
      nori (~> 1.1)
      wasabi (~> 2.1)
    thread_safe (0.1.2)
      atomic
    tzinfo (0.3.37)
    wasabi (2.3.0)
      nokogiri (>= 1.4.0)

PLATFORMS
  ruby

DEPENDENCIES
  activemodel (~> 4.0)
  activesupport (~> 4.0)
  guid (~> 0.1)
  rspec (~> 2.8)
  savon (<= 0.9.9)
